GEM
  remote: https://rubygems.org/
  specs:
    ansi (1.4.3)
    bcrypt-ruby (3.1.2)
    bson (1.9.2)
    bson_ext (1.9.2)
      bson (~> 1.9.2)
    diff-lcs (1.2.5)
    eventmachine (1.0.3)
    i18n (0.6.5)
    log4r (1.1.10)
    mongo (1.9.2)
      bson (~> 1.9.2)
    rake (10.1.0)
    rspec (2.14.1)
      rspec-core (~> 2.14.0)
      rspec-expectations (~> 2.14.0)
      rspec-mocks (~> 2.14.0)
    rspec-core (2.14.7)
    rspec-expectations (2.14.4)
      diff-lcs (>= 1.1.3, < 2.0)
    rspec-mocks (2.14.4)

PLATFORMS
  ruby

DEPENDENCIES
  ansi (~> 1.4.3)
  bcrypt-ruby (~> 3.1.2)
  bson (~> 1.9.2)
  bson_ext (~> 1.9.2)
  eventmachine (~> 1.0.0)
  i18n (~> 0.6.5)
  log4r (~> 1.1.10)
  mongo (~> 1.9.2)
  rake (~> 10.1.0)
  rspec (~> 2.14.1)
