GEM
  remote: https://rubygems.org/
  specs:
    ansi (1.4.3)
    bcrypt-ruby (3.0.1)
    bson (1.7.1)
    bson_ext (1.7.1)
      bson (~> 1.7.1)
    diff-lcs (1.2.4)
    eventmachine (1.0.3)
    i18n (0.6.4)
    log4r (1.1.10)
    mongo (1.7.1)
      bson (~> 1.7.1)
    rake (0.8.7)
    rspec (2.13.0)
      rspec-core (~> 2.13.0)
      rspec-expectations (~> 2.13.0)
      rspec-mocks (~> 2.13.0)
    rspec-core (2.13.1)
    rspec-expectations (2.13.0)
      diff-lcs (>= 1.1.3, < 2.0)
    rspec-mocks (2.13.1)

PLATFORMS
  ruby

DEPENDENCIES
  ansi (~> 1.4.3)
  bcrypt-ruby (~> 3.0.1)
  bson (~> 1.7.0)
  bson_ext (~> 1.7.0)
  eventmachine (~> 1.0.0)
  i18n (~> 0.6.1)
  log4r (~> 1.1.10)
  mongo (~> 1.7.0)
  rake (~> 0.8.7)
  rspec (~> 2.13.0)
