GEM
  remote: http://rubygems.org/
  specs:
    activemodel (4.1.13)
      activesupport (= 4.1.13)
      builder (~> 3.1)
    activesupport (4.1.13)
      i18n (~> 0.6, >= 0.6.9)
      json (~> 1.7, >= 1.7.7)
      minitest (~> 5.1)
      thread_safe (~> 0.1)
      tzinfo (~> 1.1)
    addressable (2.4.0)
    angelo (0.5.0)
      mime-types (~> 2.4)
      mustermann (~> 0.4)
      reel (~> 0.6.1)
      tilt (~> 2.0)
    ansi (1.4.3)
    bcrypt (3.1.10)
    bson (3.2.4)
    builder (3.2.2)
    celluloid (0.17.3)
      celluloid-essentials
      celluloid-extras
      celluloid-fsm
      celluloid-pool
      celluloid-supervision
      timers (>= 4.1.1)
    celluloid-essentials (0.20.5)
      timers (>= 4.1.1)
    celluloid-extras (0.20.5)
      timers (>= 4.1.1)
    celluloid-fsm (0.20.5)
      timers (>= 4.1.1)
    celluloid-io (0.17.3)
      celluloid (>= 0.17.2)
      nio4r (>= 1.1)
      timers (>= 4.1.1)
    celluloid-pool (0.20.5)
      timers (>= 4.1.1)
    celluloid-supervision (0.20.6)
      timers (>= 4.1.1)
    daemons (1.2.3)
    dentaku (1.1.0)
    diff-lcs (1.2.5)
    domain_name (0.5.20160615)
      unf (>= 0.0.5, < 1.0.0)
    em-websocket (0.5.1)
      eventmachine (>= 0.12.9)
      http_parser.rb (~> 0.6.0)
    erubis (2.7.0)
    eventmachine (1.0.8)
    hitimes (1.2.4)
    http (2.0.3)
      addressable (~> 2.3)
      http-cookie (~> 1.0)
      http-form_data (~> 1.0.1)
      http_parser.rb (~> 0.6.0)
    http-cookie (1.0.2)
      domain_name (~> 0.5)
    http-form_data (1.0.1)
    http_parser.rb (0.6.0)
    i18n (0.6.11)
    json (1.8.3)
    log4r (1.1.10)
    mime-types (2.6.2)
    minitest (5.8.1)
    mongo (2.1.0)
      bson (~> 3.0)
    mongoid (5.0.0)
      activemodel (~> 4.0)
      mongo (~> 2.1)
      origin (~> 2.1)
      tzinfo (>= 0.3.37)
    mustermann (0.4.0)
      tool (~> 0.2)
    nio4r (1.2.1)
    origin (2.1.1)
    rack (1.6.4)
    rake (10.4.2)
    reel (0.6.1)
      celluloid (>= 0.15.1)
      celluloid-io (>= 0.15.0)
      http (>= 0.6.0.pre)
      http_parser.rb (>= 0.6.0)
      websocket-driver (>= 0.5.1)
    rspec (2.14.1)
      rspec-core (~> 2.14.0)
      rspec-expectations (~> 2.14.0)
      rspec-mocks (~> 2.14.0)
    rspec-core (2.14.8)
    rspec-expectations (2.14.5)
      diff-lcs (>= 1.1.3, < 2.0)
    rspec-mocks (2.14.6)
    thin (1.7.0)
      daemons (~> 1.0, >= 1.0.9)
      eventmachine (~> 1.0, >= 1.0.4)
      rack (>= 1, < 3)
    thread_safe (0.3.5)
    tilt (2.0.5)
    timers (4.1.1)
      hitimes
    timezone (0.3.11)
    tool (0.2.3)
    tzinfo (1.2.2)
      thread_safe (~> 0.1)
    unf (0.1.4)
      unf_ext
    unf_ext (0.0.7.2)
    websocket-driver (0.6.4)
      websocket-extensions (>= 0.1.0)
    websocket-extensions (0.1.2)

PLATFORMS
  ruby

DEPENDENCIES
  activesupport (> 4)
  angelo
  ansi (~> 1.4.3)
  bcrypt (~> 3.1.2)
  bson (~> 3.0)
  dentaku (~> 1.1.0)
  em-websocket (~> 0.5)
  erubis (~> 2.7.0)
  eventmachine (~> 1.0.4)
  i18n (~> 0.6.5)
  json (~> 1.8.3)
  log4r (~> 1.1.10)
  mongo (~> 2)
  mongoid (~> 5)
  rake (~> 10.4.2)
  rspec (~> 2.14.1)
  thin (~> 1.7.0)
  timezone (~> 0.3.2)

BUNDLED WITH
   1.10.5
