GEM
  remote: https://rubygems.org/
  specs:
    activemodel (3.2.16)
      activesupport (= 3.2.16)
      builder (~> 3.0.0)
    activesupport (3.2.16)
      i18n (~> 0.6, >= 0.6.4)
      multi_json (~> 1.0)
    ansi (1.4.3)
    bcrypt-ruby (3.1.2)
    bson (1.9.2)
    bson_ext (1.9.2)
      bson (~> 1.9.2)
    builder (3.0.4)
    diff-lcs (1.2.5)
    eventmachine (1.0.3)
    i18n (0.6.5)
    liquid (2.6.0)
    log4r (1.1.10)
    mongo (1.9.2)
      bson (~> 1.9.2)
    mongo_mapper (0.12.0)
      activemodel (~> 3.0)
      activesupport (~> 3.0)
      plucky (~> 0.5.2)
    multi_json (1.8.4)
    plucky (0.5.2)
      mongo (~> 1.5)
    rake (10.1.0)
    rspec (2.14.1)
      rspec-core (~> 2.14.0)
      rspec-expectations (~> 2.14.0)
      rspec-mocks (~> 2.14.0)
    rspec-core (2.14.7)
    rspec-expectations (2.14.4)
      diff-lcs (>= 1.1.3, < 2.0)
    rspec-mocks (2.14.4)

PLATFORMS
  ruby

DEPENDENCIES
  ansi (~> 1.4.3)
  bcrypt-ruby (~> 3.1.2)
  bson (~> 1.9.2)
  bson_ext (~> 1.9.2)
  eventmachine (~> 1.0.0)
  i18n (~> 0.6.5)
  liquid (~> 2.6.0)
  log4r (~> 1.1.10)
  mongo (~> 1.9.2)
  mongo_mapper (~> 0.12.0)
  rake (~> 10.1.0)
  rspec (~> 2.14.1)
